GIT
  remote: https://github.com/brynary/rack-test.git
  revision: 5080d1e99de825bdd3b2b7bba34e5ac61cedd876
  specs:
    rack-test (0.6.2)
      rack (>= 1.0)

GIT
  remote: https://github.com/chy-causer/rack-flash
  revision: d8fd1d2c0b176d04bcb904a22cd84debe85f2061
  specs:
    rack-flash (0.1.2)
      rack

GIT
  remote: https://github.com/neiltron/mongoid_taggable_with_context.git
  revision: 8403672d8e0c3f6af2d20bb63c4381a941ff30ee
  specs:
    mongoid_taggable_with_context (0.7.2)
      mongoid

GIT
  remote: https://github.com/neiltron/oauth2-provider.git
  revision: 00aca21d40663b9b28b327c1bc103ef0f6292250
  specs:
    oauth2-provider (0.1.0)
      bcrypt-ruby
      json
      rack

GEM
  remote: http://rubygems.org/
  specs:
    activemodel (3.2.8)
      activesupport (= 3.2.8)
      builder (~> 3.0.0)
    activesupport (3.2.8)
      i18n (~> 0.6)
      multi_json (~> 1.0)
    addressable (2.3.2)
    backports (3.3.3)
    bcrypt-ruby (3.0.1)
    boxer (1.0.2)
      activesupport (>= 3.0.0)
    bson (1.7.0)
    bson_ext (1.7.0)
      bson (~> 1.7.0)
    builder (3.0.4)
    daemons (1.1.9)
    descendants_tracker (0.0.1)
    diff-lcs (1.1.3)
    eventmachine (1.0.0)
    excon (0.16.4)
    garner (0.1.3)
      activesupport
      json
      multi_json (>= 1.3.0)
      rack
    grape (0.5.0)
      activesupport
      builder
      hashie (>= 1.2.0)
      multi_json (>= 1.3.2)
      multi_xml (>= 0.5.2)
      rack (>= 1.3.0)
      rack-accept
      rack-mount
      virtus
    grape-swagger (0.6.0)
      grape (>= 0.2.0)
      kramdown
    haml (3.1.7)
    hashie (2.0.5)
    heroku (2.32.11)
      heroku-api (~> 0.3.5)
      launchy (>= 0.3.2)
      netrc (~> 0.7.7)
      rest-client (~> 1.6.1)
      rubyzip
    heroku-api (0.3.5)
      excon (~> 0.16.1)
    i18n (0.6.4)
    json (1.7.5)
    kramdown (1.1.0)
    launchy (2.1.2)
      addressable (~> 2.3)
    mail (2.4.4)
      i18n (>= 0.4.0)
      mime-types (~> 1.16)
      treetop (~> 1.4.8)
    metaid (1.0)
    mime-types (1.19)
    mongoid (3.0.9)
      activemodel (~> 3.1)
      moped (~> 1.1)
      origin (~> 1.0)
      tzinfo (~> 0.3.22)
    mongoid_token (1.1.0)
      mongoid (~> 3.0)
    moped (1.2.7)
    multi_json (1.7.7)
    multi_xml (0.5.4)
    netrc (0.7.7)
    newrelic_rpm (3.3.0)
    origin (1.0.9)
    polyglot (0.3.3)
    pony (1.4)
      mail (> 2.0)
    rack (1.5.2)
    rack-accept (0.4.5)
      rack (>= 0.4)
    rack-cors (0.2.8)
      rack
    rack-mount (0.8.3)
      rack (>= 1.0.0)
    rack-protection (1.2.0)
      rack
    rack-ssl (1.3.2)
      rack
    rake (0.9.2.2)
    rest-client (1.6.7)
      mime-types (>= 1.16)
    rspec (2.11.0)
      rspec-core (~> 2.11.0)
      rspec-expectations (~> 2.11.0)
      rspec-mocks (~> 2.11.0)
    rspec-core (2.11.1)
    rspec-expectations (2.11.3)
      diff-lcs (~> 1.1.3)
    rspec-mocks (2.11.3)
    rubyzip (0.9.9)
    sinatra (1.3.3)
      rack (~> 1.3, >= 1.3.6)
      rack-protection (~> 1.2)
      tilt (~> 1.3, >= 1.3.3)
    thin (1.5.0)
      daemons (>= 1.0.9)
      eventmachine (>= 0.12.6)
      rack (>= 1.0.0)
    tilt (1.3.3)
    treetop (1.4.11)
      polyglot
      polyglot (>= 0.3.1)
    tzinfo (0.3.33)
    virtus (0.5.5)
      backports (~> 3.3)
      descendants_tracker (~> 0.0.1)

PLATFORMS
  ruby

DEPENDENCIES
  activesupport
  boxer
  bson
  bson_ext
  garner
  grape
  grape-swagger
  haml
  heroku
  json
  metaid
  mongoid
  mongoid_taggable_with_context!
  mongoid_token
  newrelic_rpm
  oauth2-provider!
  pony
  rack
  rack-cors
  rack-flash!
  rack-ssl
  rack-test!
  rake
  rspec
  rspec-core
  sinatra
  thin
