GIT
  remote: https://github.com/brynary/rack-test.git
  revision: 8153c07db7a96889ad22e2fb543c64548dfde2e5
  specs:
    rack-test (0.6.1)
      rack (>= 1.0)

GIT
  remote: https://github.com/chy-causer/rack-flash
  revision: d8fd1d2c0b176d04bcb904a22cd84debe85f2061
  specs:
    rack-flash (0.1.2)
      rack

GIT
  remote: https://github.com/intridea/grape.git
  revision: bed7867558ea2117824c85a043f77116ea95afd3
  branch: frontier
  specs:
    grape (0.2.0)
      hashie (~> 1.2)
      multi_json
      multi_xml
      rack
      rack-mount

GIT
  remote: https://github.com/neiltron/mongoid_taggable_with_context.git
  revision: 8403672d8e0c3f6af2d20bb63c4381a941ff30ee
  specs:
    mongoid_taggable_with_context (0.7.2)
      mongoid

GEM
  remote: http://rubygems.org/
  specs:
    activemodel (3.2.8)
      activesupport (= 3.2.8)
      builder (~> 3.0.0)
    activesupport (3.2.8)
      i18n (~> 0.6)
      multi_json (~> 1.0)
    addressable (2.3.2)
    boxer (1.0.2)
      activesupport (>= 3.0.0)
    bson (1.7.0)
    bson_ext (1.7.0)
      bson (~> 1.7.0)
    builder (3.0.3)
    daemons (1.1.9)
    diff-lcs (1.1.3)
    eventmachine (1.0.0)
    excon (0.16.2)
    garner (0.1.3)
      activesupport
      json
      multi_json (>= 1.3.0)
      rack
    haml (3.1.7)
    hashie (1.2.0)
    heroku (2.31.2)
      heroku-api (~> 0.3.4)
      launchy (>= 0.3.2)
      netrc (~> 0.7.7)
      rest-client (~> 1.6.1)
      rubyzip
    heroku-api (0.3.5)
      excon (~> 0.16.1)
    i18n (0.6.1)
    json (1.7.5)
    launchy (2.1.2)
      addressable (~> 2.3)
    mail (2.4.4)
      i18n (>= 0.4.0)
      mime-types (~> 1.16)
      treetop (~> 1.4.8)
    metaid (1.0)
    mime-types (1.19)
    mongoid (3.0.6)
      activemodel (~> 3.1)
      moped (~> 1.1)
      origin (~> 1.0)
      tzinfo (~> 0.3.22)
    mongoid_token (1.1.0)
      mongoid (~> 3.0)
    moped (1.2.1)
    multi_json (1.3.6)
    multi_xml (0.5.1)
    netrc (0.7.7)
    origin (1.0.8)
    polyglot (0.3.3)
    pony (1.4)
      mail (> 2.0)
    rack (1.4.1)
    rack-mount (0.8.3)
      rack (>= 1.0.0)
    rack-protection (1.2.0)
      rack
    rack-ssl (1.3.2)
      rack
    rake (0.9.2.2)
    rest-client (1.6.7)
      mime-types (>= 1.16)
    rspec (2.11.0)
      rspec-core (~> 2.11.0)
      rspec-expectations (~> 2.11.0)
      rspec-mocks (~> 2.11.0)
    rspec-core (2.11.1)
    rspec-expectations (2.11.3)
      diff-lcs (~> 1.1.3)
    rspec-mocks (2.11.2)
    rubyzip (0.9.9)
    sinatra (1.3.3)
      rack (~> 1.3, >= 1.3.6)
      rack-protection (~> 1.2)
      tilt (~> 1.3, >= 1.3.3)
    thin (1.4.1)
      daemons (>= 1.0.9)
      eventmachine (>= 0.12.6)
      rack (>= 1.0.0)
    tilt (1.3.3)
    treetop (1.4.10)
      polyglot
      polyglot (>= 0.3.1)
    tzinfo (0.3.33)
    warden (1.2.1)
      rack (>= 1.0)

PLATFORMS
  ruby

DEPENDENCIES
  boxer
  bson
  bson_ext
  garner
  grape!
  haml
  heroku
  json
  metaid
  mongoid
  mongoid_taggable_with_context!
  mongoid_token
  pony
  rack
  rack-flash!
  rack-ssl
  rack-test!
  rake
  rspec
  rspec-core
  sinatra
  thin
  warden
